GEM
  remote: http://rubygems.org/
  specs:
    colors (0.0.6)
    gpgme (2.0.0)
    slop (3.1.1)
    sqlite3 (1.3.6)

PLATFORMS
  ruby

DEPENDENCIES
  colors (~> 0.0.6)
  gpgme (>= 2.0.0)
  slop (>= 3.0.4)
  sqlite3 (>= 1.3.6)
