GEM
  remote: http://rubygems.org/
  specs:
    rack (1.4.1)
    rack-protection (1.2.0)
      rack
    sinatra (1.3.2)
      rack (~> 1.3, >= 1.3.6)
      rack-protection (~> 1.2)
      tilt (~> 1.3, >= 1.3.3)
    slop (3.1.1)
    tilt (1.3.3)

PLATFORMS
  ruby

DEPENDENCIES
  sinatra
  slop (>= 3.0.4)
