GEM
  remote: http://rubygems.org/
  specs:
    slop (3.1.1)

PLATFORMS
  ruby

DEPENDENCIES
  slop (>= 3.0.4)
